PATH
  remote: .
  specs:
    yake (0.8.0)

GEM
  remote: https://rubygems.org/
  specs:
    aws-eventstream (1.2.0)
    aws-partitions (1.665.0)
    aws-sdk-core (3.168.1)
      aws-eventstream (~> 1, >= 1.0.2)
      aws-partitions (~> 1, >= 1.651.0)
      aws-sigv4 (~> 1.5)
      jmespath (~> 1, >= 1.6.1)
    aws-sdk-xray (1.4.0)
      aws-sdk-core (~> 3)
      aws-sigv4 (~> 1.0)
    aws-sigv4 (1.5.2)
      aws-eventstream (~> 1, >= 1.0.2)
    aws-xray-sdk (0.11.5)
      aws-sdk-xray (~> 1.4.0)
      multi_json (~> 1)
    coderay (1.1.3)
    datadog-lambda (2.16.0)
      aws-xray-sdk (~> 0.11.3)
    ddtrace (1.6.1)
      debase-ruby_core_source (>= 0.10.16, <= 0.10.17)
      libdatadog (~> 0.9.0.1.0)
      libddwaf (~> 1.5.1.0.0)
      msgpack
    debase-ruby_core_source (0.10.17)
    diff-lcs (1.5.0)
    docile (1.4.0)
    ffi (1.15.5)
    jmespath (1.6.1)
    libdatadog (0.9.0.1.0)
    libddwaf (1.5.1.0.0)
      ffi (~> 1.0)
    libddwaf (1.5.1.0.0-arm64-darwin)
      ffi (~> 1.0)
    method_source (1.0.0)
    mini_portile2 (2.8.0)
    msgpack (1.6.0)
    multi_json (1.15.0)
    nokogiri (1.13.9)
      mini_portile2 (~> 2.8.0)
      racc (~> 1.4)
    nokogiri (1.13.9-arm64-darwin)
      racc (~> 1.4)
    pry (0.14.1)
      coderay (~> 1.1)
      method_source (~> 1.0)
    racc (1.6.0)
    rake (13.0.6)
    rspec (3.12.0)
      rspec-core (~> 3.12.0)
      rspec-expectations (~> 3.12.0)
      rspec-mocks (~> 3.12.0)
    rspec-core (3.12.0)
      rspec-support (~> 3.12.0)
    rspec-expectations (3.12.0)
      diff-lcs (>= 1.2.0, < 2.0)
      rspec-support (~> 3.12.0)
    rspec-mocks (3.12.0)
      diff-lcs (>= 1.2.0, < 2.0)
      rspec-support (~> 3.12.0)
    rspec-support (3.12.0)
    simplecov (0.21.2)
      docile (~> 1.1)
      simplecov-html (~> 0.11)
      simplecov_json_formatter (~> 0.1)
    simplecov-html (0.12.3)
    simplecov_json_formatter (0.1.4)

PLATFORMS
  arm64-darwin-21
  ruby

DEPENDENCIES
  datadog-lambda
  ddtrace
  nokogiri
  pry (~> 0.14)
  rake (~> 13.0)
  rspec (~> 3.0)
  simplecov (~> 0.21)
  yake!

BUNDLED WITH
   2.3.7
